GEM
  remote: https://rubygems.org/
  specs:
    httparty (0.14.0)
      multi_xml (>= 0.5.2)
    json (2.0.3)
    multi_xml (0.6.0)

PLATFORMS
  ruby

DEPENDENCIES
  httparty
  json

RUBY VERSION
   ruby 2.4.0p0

BUNDLED WITH
   1.14.3
